GEM
  remote: https://rubygems.org/
  specs:
    sass (3.3.10)
    sass-globbing-pr-20 (1.1.2)
      sass (>= 3.1)

PLATFORMS
  ruby

DEPENDENCIES
  sass-globbing-pr-20 (~> 1.1.2)
